NUGET
  remote: https://nuget.org/api/v2
  specs:
    Antlr (3.5.0.2)
    ExpressionEvaluator (2.0.3)
      Antlr (>= 3.5.0.2)
    FAKE (4.6.4)
    FSharp.Compiler.Service (0.0.90)
    FSharp.Formatting (2.11.0)
      FSharp.Compiler.Service (>= 0.0.90 <= 1.3)
      FSharpVSPowerTools.Core (1.9.0)
    FSharpVSPowerTools.Core (1.9.0)
      FSharp.Compiler.Service (>= 0.0.90)
    FsUnit (1.3.1)
      NUnit (2.6.4)
    FsUnit.xUnit (1.3.1)
      xunit (1.9.2)
    Microsoft.Bcl (1.1.10)
      Microsoft.Bcl.Build (>= 1.0.14)
    Microsoft.Bcl.Build (1.0.21) - import_targets: false
    Microsoft.Net.Http (2.2.29)
      Microsoft.Bcl (>= 1.1.10)
      Microsoft.Bcl.Build (>= 1.0.14)
    NUnit (2.6.4)
    Octokit (0.16.0)
      Microsoft.Net.Http
    SourceLink.Fake (1.1.0)
    xunit (1.9.2)
    xunit.runner.console (2.1.0)
GITHUB
  remote: fsharp/FAKE
  specs:
    modules/Octokit/Octokit.fsx (e7f5ad5e90f03dd89068cb1374e8ddf4725de373)
      Octokit